PATH
  remote: .
  specs:
    rspec_multi_env (2.0.0)

GEM
  remote: https://rubygems.org/
  specs:
    rake (10.5.0)

PLATFORMS
  ruby

DEPENDENCIES
  bundler (~> 1.17)
  rake (~> 10.0)
  rspec_multi_env!

BUNDLED WITH
   1.17.1
